GEM
  remote: https://rubygems.org/
  specs:
    bindata (2.3.4)

PLATFORMS
  x86-mingw32

DEPENDENCIES
  bindata

BUNDLED WITH
   1.13.6
